GEM
  remote: https://rubygems.org/
  specs:
    motion_print (1.2.0)
    rake (10.3.1)

PLATFORMS
  ruby

DEPENDENCIES
  motion_print
  rake

BUNDLED WITH
   1.15.1
